GEM
  remote: https://rubygems.org/
  specs:
    addressable (2.8.6)
      public_suffix (>= 2.0.2, < 6.0)
    ast (2.4.2)
    bigdecimal (3.1.7)
    byebug (11.1.3)
    colorize (1.1.0)
    faraday (2.9.0)
      faraday-net_http (>= 2.0, < 3.2)
    faraday-net_http (3.1.0)
      net-http
    json (2.7.1)
    language_server-protocol (3.17.0.3)
    net-http (0.4.1)
      uri
    nokogiri (1.16.3-x86_64-linux)
      racc (~> 1.4)
    optparse (0.3.1)
    parallel (1.24.0)
    parser (3.3.0.5)
      ast (~> 2.4.1)
      racc
    pg (1.5.6)
    public_suffix (5.0.4)
    racc (1.7.3)
    rainbow (3.1.1)
    rake (13.1.0)
    regexp_parser (2.9.0)
    rexml (3.2.6)
    rubocop (1.62.1)
      json (~> 2.3)
      language_server-protocol (>= 3.17.0)
      parallel (~> 1.10)
      parser (>= 3.3.0.2)
      rainbow (>= 2.2.2, < 4.0)
      regexp_parser (>= 1.8, < 3.0)
      rexml (>= 3.2.5, < 4.0)
      rubocop-ast (>= 1.31.1, < 2.0)
      ruby-progressbar (~> 1.7)
      unicode-display_width (>= 2.4.0, < 3.0)
    rubocop-ast (1.31.2)
      parser (>= 3.3.0.4)
    rubocop-rake (0.6.0)
      rubocop (~> 1.0)
    ruby-progressbar (1.13.0)
    sequel (5.78.0)
      bigdecimal
    unicode-display_width (2.5.0)
    uri (0.13.0)

PLATFORMS
  x86_64-linux

DEPENDENCIES
  addressable
  byebug
  colorize
  faraday
  nokogiri
  optparse
  pg (~> 1.3)
  rake
  rubocop
  rubocop-rake
  sequel

RUBY VERSION
   ruby 3.2.2p53

BUNDLED WITH
   2.4.10
